GEM
  remote: https://rubygems.org/
  specs:
    os (1.0.0)
    rake (12.3.3)

PLATFORMS
  ruby
  x86-mingw32

DEPENDENCIES
  os
  rake

BUNDLED WITH
   1.16.6
